GEM
  remote: https://rubygems.org/
  specs:
    coderay (1.1.3)
    method_source (0.9.2)
    pry (0.12.2)
      coderay (~> 1.1.0)
      method_source (~> 0.9.0)
    pry-nav (0.3.0)
      pry (>= 0.9.10, < 0.13.0)
    pry-remote (0.1.8)
      pry (~> 0.9)
      slop (~> 3.0)
    rack (2.2.3)
    slop (3.6.0)

PLATFORMS
  x86_64-linux

DEPENDENCIES
  pry
  pry-nav
  pry-remote
  rack

BUNDLED WITH
   2.2.23
